{
	"Modality": "MR",
	"MagneticFieldStrength": 1.5,
	"ImagingFrequency": 63.8725,
	"Manufacturer": "GE",
	"ManufacturersModelName": "Optima MR360",
	"InstitutionName": "RAMSAY DIAGNOSTICS",
	"DeviceSerialNumber": "000000RU8279MR01",
	"StationName": "MR01",
	"PatientPosition": "HFS",
	"ProcedureStepDescription": "MRI brain",
	"SoftwareVersions": "25\\LX\\MR Software release:SV25.0_R09_1928.b",
	"MRAcquisitionType": "3D",
	"SeriesDescription": "3D Sag T1 CUBE",
	"ProtocolName": "BRAIN VSHE (SAG T1 CUBE)",
	"ScanningSequence": "SE",
	"SequenceVariant": "SK",
	"ScanOptions": "EDR_GEMS\\FILTERED_GEMS\\ACC_GEMS",
	"PulseSequenceName": "Cube",
	"ImageType": ["ORIGINAL", "PRIMARY", "OTHER"],
	"SeriesNumber": 3,
	"AcquisitionTime": "19:02:52.000000",
	"AcquisitionNumber": 1,
	"SliceThickness": 1,
	"SpacingBetweenSlices": 0.5,
	"SAR": 0.653321,
	"EchoTime": 0.013531,
	"RepetitionTime": 0.6,
	"FlipAngle": 90,
	"ShimSetting": [
		4,
		9,
		-15	],
	"PrescanReuseString": "TG/s1,CF/s1,AS/s1",
	"CoilString": "NVarrayII",
	"Interpolation3D": 2,
	"PercentPhaseFOV": 100,
	"PercentSampling": 100,
	"EchoTrainLength": 24,
	"AcquisitionMatrixPE": 288,
	"ReconMatrixPE": 512,
	"ParallelReductionFactorInPlane": 2,
	"PixelBandwidth": 244.141,
	"PhaseEncodingAxis": "i",
	"ImageOrientationPatientDICOM": [
		-0,
		1,
		0,
		-0,
		-0,
		-1	],
	"InPlanePhaseEncodingDirectionDICOM": "ROW",
	"ConversionSoftware": "dcm2niix",
	"ConversionSoftwareVersion": "v1.0.20220720"
}
